GEM
  remote: https://rubygems.org/
  specs:
    rack (2.0.8)

PLATFORMS
  ruby

DEPENDENCIES
  rack
