GEM
  remote: https://rubygems.org/
  specs:
    rack (2.7.2)

PLATFORMS
  ruby

DEPENDENCIES
  rack